GEM
  remote: https://rubygems.org/
  specs:
    activemodel (4.0.1)
      activesupport (= 4.0.1)
      builder (~> 3.1.0)
    activerecord (4.0.1)
      activemodel (= 4.0.1)
      activerecord-deprecated_finders (~> 1.0.2)
      activesupport (= 4.0.1)
      arel (~> 4.0.0)
    activerecord-deprecated_finders (1.0.3)
    activerecord-jdbc-adapter (1.3.3)
      activerecord (>= 2.2)
    activerecord-jdbcmysql-adapter (1.3.3)
      activerecord-jdbc-adapter (~> 1.3.3)
      jdbc-mysql (>= 5.1.22)
    activesupport (4.0.1)
      i18n (~> 0.6, >= 0.6.4)
      minitest (~> 4.2)
      multi_json (~> 1.3)
      thread_safe (~> 0.1)
      tzinfo (~> 0.3.37)
    arel (4.0.1)
    atomic (1.1.14-java)
    builder (3.1.4)
    coderay (1.1.0)
    ffi (1.9.3-java)
    i18n (0.6.5)
    jdbc-mysql (5.1.27)
    method_source (0.8.2)
    minitest (4.7.5)
    multi_json (1.8.2)
    pry (0.9.12.4-java)
      coderay (~> 1.0)
      method_source (~> 0.8)
      slop (~> 3.4)
      spoon (~> 0.0)
    rake (10.1.0)
    require_all (1.3.2)
    slop (3.4.7)
    spoon (0.0.4)
      ffi
    thread_safe (0.1.3-java)
      atomic
    tzinfo (0.3.38)

PLATFORMS
  java

DEPENDENCIES
  activerecord
  activerecord-jdbcmysql-adapter
  activesupport
  mysql
  pry
  rake
  require_all
